{
  "aor": 0.012413360000000002,
  "aqi": 0.017527492239999998,
  "bids_meta": {
    "AcquisitionMatrixPE": 64,
    "AcquisitionNumber": 1,
    "AcquisitionTime": "11:41:38.412500",
    "BandwidthPerPixelPhaseEncode": 24.038,
    "BaseResolution": 64,
    "BodyPartExamined": "HEAD",
    "ConsistencyInfo": "N4_VD13A_LATEST_20120616",
    "ConversionSoftware": "dcm2niix",
    "ConversionSoftwareVersion": "v1.0.20181125  GCC6.3.0",
    "DerivedVendorReportedEchoSpacing": 0.000650012,
    "DeviceSerialNumber": "45250",
    "DwellTime": 4.6e-06,
    "EchoTime": 0.033,
    "EchoTrainLength": 64,
    "EffectiveEchoSpacing": 0.000650012,
    "FlipAngle": 90,
    "ImageOrientationPatientDICOM": [
      0.99912,
      -0.0412422,
      -0.00765573,
      0.0401288,
      0.992913,
      -0.111868
    ],
    "ImageType": [
      "ORIGINAL",
      "PRIMARY",
      "M",
      "ND",
      "NORM",
      "MOSAIC"
    ],
    "ImagingFrequency": 123.214,
    "InPlanePhaseEncodingDirectionDICOM": "COL",
    "InstitutionAddress": "Kopernikusstr._26_Graz_Graz_AT_8010",
    "InstitutionName": "KFU",
    "InstitutionalDepartmentName": "Department",
    "MRAcquisitionType": "2D",
    "MagneticFieldStrength": 3,
    "Manufacturer": "Siemens",
    "ManufacturersModelName": "Skyra",
    "Modality": "MR",
    "PartialFourier": 1,
    "PatientPosition": "HFS",
    "PercentPhaseFOV": 100,
    "PhaseEncodingDirection": "j-",
    "PhaseEncodingSteps": 64,
    "PhaseResolution": 1,
    "PixelBandwidth": 1700,
    "ProcedureStepDescription": "KFU_Entw-Psy",
    "ProtocolName": "fMRI_3",
    "PulseSequenceDetails": "%SiemensSeq%_ep2d_pace",
    "ReceiveCoilActiveElements": "HE1-4",
    "ReceiveCoilName": "HeadNeck_20",
    "ReconMatrixPE": 64,
    "RepetitionTime": 2.34,
    "SAR": 0.165787,
    "ScanOptions": "FS",
    "ScanningSequence": "EP",
    "SequenceName": "_epfid2d1_64",
    "SequenceVariant": "SK",
    "SeriesDescription": "fMRI_3",
    "SeriesNumber": 8,
    "ShimSetting": [
      -1553,
      -3709,
      -4281,
      480,
      394,
      192,
      267,
      -314
    ],
    "SliceThickness": 3,
    "SliceTiming": [
      2.2525,
      2.185,
      2.115,
      2.0475,
      1.98,
      1.9125,
      1.8425,
      1.775,
      1.7075,
      1.6375,
      1.57,
      1.5025,
      1.435,
      1.365,
      1.2975,
      1.23,
      1.16,
      1.0925,
      1.025,
      0.955,
      0.8875,
      0.82,
      0.7525,
      0.6825,
      0.615,
      0.5475,
      0.4775,
      0.41,
      0.3425,
      0.275,
      0.205,
      0.1375,
      0.07,
      0
    ],
    "SoftwareVersions": "syngo_MR_D13",
    "SpacingBetweenSlices": 3.3,
    "StationName": "FBMTMR1",
    "TaskName": "read",
    "TotalReadoutTime": 0.0409508,
    "TxRefAmp": 382.522,
    "dataset": "ds003126",
    "dcmmeta_affine": [
      [
        -2.99735951423645,
        0.12038635462522507,
        -0.040309954434633255,
        92.3601303100586
      ],
      [
        0.12372658401727676,
        2.9787375926971436,
        -0.3678242862224579,
        -112.05154418945312
      ],
      [
        -0.022967197000980377,
        0.3356027603149414,
        3.279188871383667,
        -14.25814437866211
      ],
      [
        0.0,
        0.0,
        0.0,
        1.0
      ]
    ],
    "dcmmeta_reorient_transform": [
      [
        0.0,
        -1.0,
        0.0,
        63.0
      ],
      [
        1.0,
        0.0,
        0.0,
        0.0
      ],
      [
        0.0,
        0.0,
        1.0,
        0.0
      ],
      [
        0.0,
        0.0,
        0.0,
        1.0
      ]
    ],
    "dcmmeta_shape": [
      64,
      64,
      34,
      125
    ],
    "dcmmeta_slice_dim": 2,
    "dcmmeta_version": 0.6,
    "global": {
      "const": {
        "AcquisitionMatrix": [
          64,
          0,
          0,
          64
        ],
        "AngioFlag": "N",
        "BitsAllocated": 16,
        "BitsStored": 12,
        "BodyPartExamined": "HEAD",
        "Columns": 384,
        "EchoNumbers": 1,
        "EchoTime": 33.0,
        "EchoTrainLength": 64,
        "FlipAngle": 90.0,
        "HighBit": 11,
        "ImageOrientationPatient": [
          0.99911984820939,
          -0.0412421953166,
          -0.007655732461,
          0.04012878427734,
          0.99291254606033,
          -0.1118675848869
        ],
        "ImagePositionPatient": [
          -598.78381162121,
          -532.41069247057,
          64.256021917882
        ],
        "ImageType": [
          "ORIGINAL",
          "PRIMARY",
          "M",
          "ND",
          "NORM",
          "MOSAIC"
        ],
        "ImagedNucleus": "1H",
        "ImagingFrequency": 123.214304,
        "InPlanePhaseEncodingDirection": "COL",
        "MRAcquisitionType": "2D",
        "MagneticFieldStrength": 3.0,
        "Manufacturer": "SIEMENS",
        "ManufacturerModelName": "Skyra",
        "Modality": "MR",
        "NumberOfAverages": 1.0,
        "NumberOfPhaseEncodingSteps": 64,
        "PercentPhaseFieldOfView": 100.0,
        "PercentSampling": 100.0,
        "PerformedProcedureStepStartTime": "112552.652000",
        "PhotometricInterpretation": "MONOCHROME2",
        "PixelBandwidth": 1700.0,
        "PixelRepresentation": 0,
        "PixelSpacing": [
          3.0,
          3.0
        ],
        "ProtocolName": "fMRI_3",
        "RepetitionTime": 2340.0,
        "Rows": 384,
        "SAR": 0.16578693292914,
        "SamplesPerPixel": 1,
        "ScanOptions": "FS",
        "ScanningSequence": "EP",
        "SequenceName": "*epfid2d1_64",
        "SequenceVariant": "SK",
        "SeriesDescription": "fMRI_3",
        "SeriesNumber": 8,
        "SeriesTime": "114241.670000",
        "SliceLocation": -2.8069391445756,
        "SliceThickness": 3.0,
        "SmallestImagePixelValue": 0,
        "SoftwareVersions": "syngo MR D13",
        "SpacingBetweenSlices": 3.2999999235812,
        "SpecificCharacterSet": "ISO_IR 100",
        "StudyID": "1",
        "StudyTime": "112552.603000",
        "TransmitCoilName": "Body",
        "VariableFlipAngleFlag": "N",
        "WindowCenterWidthExplanation": "Algo1",
        "dBdt": 0.0
      },
