{
  "aor": 0.010577751937984495,
  "aqi": 0.01761748403100775,
  "bids_meta": {
    "AcquisitionMatrixPE": 64,
    "AcquisitionNumber": 1,
    "AcquisitionTime": "12:11:37.202500",
    "BandwidthPerPixelPhaseEncode": 24.038,
    "BaseResolution": 64,
    "BodyPartExamined": "HEAD",
    "ConsistencyInfo": "N4_VD13A_LATEST_20120616",
    "ConversionSoftware": "dcm2niix",
    "ConversionSoftwareVersion": "v1.0.20181125  GCC6.3.0",
    "DerivedVendorReportedEchoSpacing": 0.000650012,
    "DeviceSerialNumber": "45250",
    "DwellTime": 4.6e-06,
    "EchoTime": 0.033,
    "EchoTrainLength": 64,
    "EffectiveEchoSpacing": 0.000650012,
    "FlipAngle": 90,
    "ImageOrientationPatientDICOM": [
      0.999358,
      0.00461143,
      -0.0355225,
      -0.00872132,
      0.993161,
      -0.116428
    ],
    "ImageType": [
      "ORIGINAL",
      "PRIMARY",
      "M",
      "ND",
      "NORM",
      "MOSAIC"
    ],
    "ImagingFrequency": 123.215,
    "InPlanePhaseEncodingDirectionDICOM": "COL",
    "InstitutionAddress": "Kopernikusstr._26_Graz_Graz_AT_8010",
    "InstitutionName": "KFU",
    "InstitutionalDepartmentName": "Department",
    "MRAcquisitionType": "2D",
    "MagneticFieldStrength": 3,
    "Manufacturer": "Siemens",
    "ManufacturersModelName": "Skyra",
    "Modality": "MR",
    "PartialFourier": 1,
    "PatientPosition": "HFS",
    "PercentPhaseFOV": 100,
    "PhaseEncodingDirection": "j-",
    "PhaseEncodingSteps": 64,
    "PhaseResolution": 1,
    "PixelBandwidth": 1700,
    "ProcedureStepDescription": "KFU_Entw-Psy",
    "ProtocolName": "fMRI_2",
    "PulseSequenceDetails": "%SiemensSeq%_ep2d_pace",
    "ReceiveCoilActiveElements": "HE1-4",
    "ReceiveCoilName": "HeadNeck_20",
    "ReconMatrixPE": 64,
    "RepetitionTime": 2.34,
    "SAR": 0.129837,
    "ScanOptions": "FS",
    "ScanningSequence": "EP",
    "SequenceName": "_epfid2d1_64",
    "SequenceVariant": "SK",
    "SeriesDescription": "fMRI_2",
    "SeriesNumber": 5,
    "ShimSetting": [
      -1610,
      -3599,
      -4491,
      138,
      424,
      47,
      -56,
      -310
    ],
    "SliceThickness": 3,
    "SliceTiming": [
      2.25,
      2.1825,
      2.115,
      2.0475,
      1.9775,
      1.91,
      1.8425,
      1.7725,
      1.705,
      1.6375,
      1.57,
      1.5,
      1.4325,
      1.365,
      1.295,
      1.2275,
      1.16,
      1.0925,
      1.0225,
      0.955,
      0.8875,
      0.8175,
      0.75,
      0.6825,
      0.6125,
      0.545,
      0.4775,
      0.41,
      0.34,
      0.2725,
      0.205,
      0.135,
      0.0675,
      0
    ],
    "SoftwareVersions": "syngo_MR_D13",
    "SpacingBetweenSlices": 3.3,
    "StationName": "FBMTMR1",
    "TaskName": "read",
    "TotalReadoutTime": 0.0409508,
    "TxRefAmp": 352.914,
    "dataset": "ds003126",
    "dcmmeta_affine": [
      [
        -2.998074769973755,
        -0.026163961738348007,
        -0.1146509125828743,
        93.80231475830078
      ],
      [
        -0.013834301382303238,
        2.979482412338257,
        -0.3849889934062958,
        -111.01233673095703
      ],
      [
        -0.10656764358282089,
        0.34928473830223083,
        3.2754600048065186,
        -40.326473236083984
      ],
      [
        0.0,
        0.0,
        0.0,
        1.0
      ]
    ],
    "dcmmeta_reorient_transform": [
      [
        0.0,
        -1.0,
        0.0,
        63.0
      ],
      [
        1.0,
        0.0,
        0.0,
        0.0
      ],
      [
        0.0,
        0.0,
        1.0,
        0.0
      ],
      [
        0.0,
        0.0,
        0.0,
        1.0
      ]
    ],
    "dcmmeta_shape": [
      64,
      64,
      34,
      129
    ],
    "dcmmeta_slice_dim": 2,
    "dcmmeta_version": 0.6,
    "global": {
      "const": {
        "AcquisitionMatrix": [
          64,
          0,
          0,
          64
        ],
        "AngioFlag": "N",
        "BitsAllocated": 16,
        "BitsStored": 12,
        "BodyPartExamined": "HEAD",
        "Columns": 384,
        "EchoNumbers": 1,
        "EchoTime": 33.0,
        "EchoTrainLength": 64,
        "FlipAngle": 90.0,
        "HighBit": 11,
        "ImageOrientationPatient": [
          0.99935823570256,
          0.00461143388,
          -0.0355225479245,
          -0.0087213203181,
          0.99316081411143,
          -0.1164282435041
        ],
        "ImagePositionPatient": [
          -567.65970206377,
          -555.6257332238,
          54.614846200966
        ],
        "ImageType": [
          "ORIGINAL",
          "PRIMARY",
          "M",
          "ND",
          "NORM",
          "MOSAIC"
        ],
        "ImagedNucleus": "1H",
        "ImagingFrequency": 123.21454,
        "InPlanePhaseEncodingDirection": "COL",
        "MRAcquisitionType": "2D",
        "MagneticFieldStrength": 3.0,
        "Manufacturer": "SIEMENS",
        "ManufacturerModelName": "Skyra",
        "Modality": "MR",
        "NumberOfAverages": 1.0,
        "NumberOfPhaseEncodingSteps": 64,
        "PercentPhaseFieldOfView": 100.0,
        "PercentSampling": 100.0,
        "PerformedProcedureStepStartTime": "120319.113000",
        "PhotometricInterpretation": "MONOCHROME2",
        "PixelBandwidth": 1700.0,
        "PixelRepresentation": 0,
        "PixelSpacing": [
          3.0,
          3.0
        ],
        "ProtocolName": "fMRI_2",
        "RepetitionTime": 2340.0,
        "Rows": 384,
        "SAR": 0.1298371142761,
        "SamplesPerPixel": 1,
        "ScanOptions": "FS",
        "ScanningSequence": "EP",
        "SequenceName": "*epfid2d1_64",
        "SequenceVariant": "SK",
        "SeriesDescription": "fMRI_2",
        "SeriesNumber": 5,
        "SeriesTime": "121233.754000",
        "SliceLocation": -30.334467007732,
        "SliceThickness": 3.0,
        "SmallestImagePixelValue": 0,
        "SoftwareVersions": "syngo MR D13",
        "SpacingBetweenSlices": 3.3000000290488,
        "SpecificCharacterSet": "ISO_IR 100",
        "StudyID": "1",
        "StudyTime": "120319.053000",
        "TransmitCoilName": "Body",
        "VariableFlipAngleFlag": "N",
        "WindowCenterWidthExplanation": "Algo1",
        "dBdt": 0.0
      },
