{
  "aor": 0.015557343749999999,
  "aqi": 0.026444305078125,
  "bids_meta": {
    "AcquisitionMatrixPE": 64,
    "AcquisitionNumber": 1,
    "AcquisitionTime": "14:57:52.515000",
    "BandwidthPerPixelPhaseEncode": 24.038,
    "BaseResolution": 64,
    "BodyPartExamined": "HEAD",
    "CoilString": "HE1-4;NE1_2",
    "ConsistencyInfo": "N4_VD13A_LATEST_20120616",
    "ConversionSoftware": "dcm2niix",
    "ConversionSoftwareVersion": "v1.0.20181125  GCC6.3.0",
    "DerivedVendorReportedEchoSpacing": 0.000650012,
    "DeviceSerialNumber": "45250",
    "DwellTime": 4.6e-06,
    "EchoTime": 0.033,
    "EchoTrainLength": 64,
    "EffectiveEchoSpacing": 0.000650012,
    "FlipAngle": 90,
    "ImageOrientationPatientDICOM": [
      0.999919,
      -0.00733176,
      -0.0103749,
      0.0034904,
      0.943781,
      -0.330554
    ],
    "ImageType": [
      "ORIGINAL",
      "PRIMARY",
      "M",
      "ND",
      "NORM",
      "MOSAIC"
    ],
    "ImagingFrequency": 123.22,
    "InPlanePhaseEncodingDirectionDICOM": "COL",
    "InstitutionAddress": "Kopernikusstr._26_Graz_Graz_AT_8010",
    "InstitutionName": "KFU",
    "InstitutionalDepartmentName": "Department",
    "MRAcquisitionType": "2D",
    "MagneticFieldStrength": 3,
    "Manufacturer": "Siemens",
    "ManufacturersModelName": "Skyra",
    "Modality": "MR",
    "PartialFourier": 1,
    "PatientPosition": "HFS",
    "PercentPhaseFOV": 100,
    "PhaseEncodingDirection": "j-",
    "PhaseEncodingSteps": 64,
    "PhaseResolution": 1,
    "PixelBandwidth": 1700,
    "ProcedureStepDescription": "KFU_Entw-Psy",
    "ProtocolName": "fMRI_3",
    "PulseSequenceDetails": "%SiemensSeq%_ep2d_pace",
    "ReceiveCoilActiveElements": "HE1-4;NE1,2",
    "ReceiveCoilName": "HeadNeck_20",
    "ReconMatrixPE": 64,
    "RepetitionTime": 2.34,
    "SAR": 0.147039,
    "ScanOptions": "FS",
    "ScanningSequence": "EP",
    "SequenceName": "_epfid2d1_64",
    "SequenceVariant": "SK",
    "SeriesDescription": "fMRI_3",
    "SeriesNumber": 8,
    "ShimSetting": [
      -1668,
      -3637,
      -4346,
      308,
      459,
      103,
      29,
      -336
    ],
    "SliceThickness": 3,
    "SliceTiming": [
      2.2525,
      2.1825,
      2.115,
      2.0475,
      1.98,
      1.91,
      1.8425,
      1.775,
      1.705,
      1.6375,
      1.57,
      1.5,
      1.4325,
      1.365,
      1.2975,
      1.2275,
      1.16,
      1.0925,
      1.0225,
      0.955,
      0.8875,
      0.82,
      0.75,
      0.6825,
      0.615,
      0.545,
      0.4775,
      0.41,
      0.3425,
      0.2725,
      0.205,
      0.1375,
      0.0675,
      0
    ],
    "SoftwareVersions": "syngo_MR_D13",
    "SpacingBetweenSlices": 3.3,
    "StationName": "FBMTMR1",
    "TaskName": "read",
    "TotalReadoutTime": 0.0409508,
    "TxRefAmp": 334.234,
    "dataset": "ds003126",
    "dcmmeta_affine": [
      [
        -2.999758005142212,
        0.010471208021044731,
        -0.040309976786375046,
        96.52511596679688
      ],
      [
        0.021995283663272858,
        2.8313419818878174,
        -1.0906201601028442,
        -98.84928131103516
      ],
      [
        -0.03112461417913437,
        0.991661548614502,
        3.114309310913086,
        -50.30234909057617
      ],
      [
        0.0,
        0.0,
        0.0,
        1.0
      ]
    ],
    "dcmmeta_reorient_transform": [
      [
        0.0,
        -1.0,
        0.0,
        63.0
      ],
      [
        1.0,
        0.0,
        0.0,
        0.0
      ],
      [
        0.0,
        0.0,
        1.0,
        0.0
      ],
      [
        0.0,
        0.0,
        0.0,
        1.0
      ]
    ],
    "dcmmeta_shape": [
      64,
      64,
      34,
      128
    ],
    "dcmmeta_slice_dim": 2,
    "dcmmeta_version": 0.6,
    "global": {
      "const": {
        "AcquisitionMatrix": [
          64,
          0,
          0,
          64
        ],
        "AngioFlag": "N",
        "BitsAllocated": 16,
        "BitsStored": 12,
        "BodyPartExamined": "HEAD",
        "Columns": 384,
        "EchoNumbers": 1,
        "EchoTime": 33.0,
        "EchoTrainLength": 64,
        "FlipAngle": 90.0,
        "HighBit": 11,
        "ImageOrientationPatient": [
          0.99991930040416,
          -0.0073317612057,
          -0.0103748714153,
          0.00349040267465,
          0.9437806819743,
          -0.3305538404274
        ],
        "ImagePositionPatient": [
          -578.82145745922,
          -529.02075233578,
          175.81810856886
        ],
        "ImageType": [
          "ORIGINAL",
          "PRIMARY",
          "M",
          "ND",
          "NORM",
          "MOSAIC"
        ],
        "ImagedNucleus": "1H",
        "ImagingFrequency": 123.220135,
        "InPlanePhaseEncodingDirection": "COL",
        "MRAcquisitionType": "2D",
        "MagneticFieldStrength": 3.0,
        "Manufacturer": "SIEMENS",
        "ManufacturerModelName": "Skyra",
        "Modality": "MR",
        "NumberOfAverages": 1.0,
        "NumberOfPhaseEncodingSteps": 64,
        "PercentPhaseFieldOfView": 100.0,
        "PercentSampling": 100.0,
        "PerformedProcedureStepStartTime": "144324.671000",
        "PhotometricInterpretation": "MONOCHROME2",
        "PixelBandwidth": 1700.0,
        "PixelRepresentation": 0,
        "PixelSpacing": [
          3.0,
          3.0
        ],
        "ProtocolName": "fMRI_3",
        "RepetitionTime": 2340.0,
        "Rows": 384,
        "SAR": 0.14703916749241,
        "SamplesPerPixel": 1,
        "ScanOptions": "FS",
        "ScanningSequence": "EP",
        "SequenceName": "*epfid2d1_64",
        "SequenceVariant": "SK",
        "SeriesDescription": "fMRI_3",
        "SeriesNumber": 8,
        "SeriesTime": "145812.697000",
        "SliceLocation": -15.982117379966,
        "SliceThickness": 3.0,
        "SmallestImagePixelValue": 0,
        "SoftwareVersions": "syngo MR D13",
        "SpacingBetweenSlices": 3.2999999645346,
        "SpecificCharacterSet": "ISO_IR 100",
        "StudyID": "1",
        "StudyTime": "144324.631000",
        "TransmitCoilName": "Body",
        "VariableFlipAngleFlag": "N",
        "WindowCenterWidthExplanation": "Algo1",
        "dBdt": 0.0
      },
