{
  "aor": 0.0030562204724409446,
  "aqi": 0.018027939291338585,
  "bids_meta": {
    "AcquisitionMatrixPE": 64,
    "AcquisitionNumber": 1,
    "AcquisitionTime": "12:46:0.667500",
    "BandwidthPerPixelPhaseEncode": 24.038,
    "BaseResolution": 64,
    "BodyPartExamined": "HEAD",
    "ConsistencyInfo": "N4_VD13A_LATEST_20120616",
    "ConversionSoftware": "dcm2niix",
    "ConversionSoftwareVersion": "v1.0.20181125  GCC6.3.0",
    "DerivedVendorReportedEchoSpacing": 0.000650012,
    "DeviceSerialNumber": "45250",
    "DwellTime": 4.6e-06,
    "EchoTime": 0.033,
    "EchoTrainLength": 64,
    "EffectiveEchoSpacing": 0.000650012,
    "FlipAngle": 90,
    "ImageOrientationPatientDICOM": [
      0.997841,
      -0.0656731,
      0.000233092,
      0.0645275,
      0.979763,
      -0.189477
    ],
    "ImageType": [
      "ORIGINAL",
      "PRIMARY",
      "M",
      "ND",
      "NORM",
      "MOSAIC"
    ],
    "ImagingFrequency": 123.214,
    "InPlanePhaseEncodingDirectionDICOM": "COL",
    "InstitutionAddress": "Kopernikusstr._26_Graz_Graz_AT_8010",
    "InstitutionName": "KFU",
    "InstitutionalDepartmentName": "Department",
    "MRAcquisitionType": "2D",
    "MagneticFieldStrength": 3,
    "Manufacturer": "Siemens",
    "ManufacturersModelName": "Skyra",
    "Modality": "MR",
    "PartialFourier": 1,
    "PatientPosition": "HFS",
    "PercentPhaseFOV": 100,
    "PhaseEncodingDirection": "j-",
    "PhaseEncodingSteps": 64,
    "PhaseResolution": 1,
    "PixelBandwidth": 1700,
    "ProcedureStepDescription": "KFU_Entw-Psy",
    "ProtocolName": "fMRI_3",
    "PulseSequenceDetails": "%SiemensSeq%_ep2d_pace",
    "ReceiveCoilActiveElements": "HE1-4",
    "ReceiveCoilName": "HeadNeck_20",
    "ReconMatrixPE": 64,
    "RepetitionTime": 2.34,
    "SAR": 0.197465,
    "ScanOptions": "FS",
    "ScanningSequence": "EP",
    "SequenceName": "_epfid2d1_64",
    "SequenceVariant": "SK",
    "SeriesDescription": "fMRI_3",
    "SeriesNumber": 8,
    "ShimSetting": [
      -1607,
      -3705,
      -4216,
      454,
      388,
      335,
      491,
      -127
    ],
    "SliceThickness": 3,
    "SliceTiming": [
      2.2525,
      2.185,
      2.115,
      2.0475,
      1.98,
      1.9125,
      1.8425,
      1.775,
      1.7075,
      1.6375,
      1.57,
      1.5025,
      1.435,
      1.365,
      1.2975,
      1.23,
      1.16,
      1.0925,
      1.025,
      0.955,
      0.8875,
      0.82,
      0.7525,
      0.6825,
      0.615,
      0.5475,
      0.4775,
      0.41,
      0.3425,
      0.275,
      0.205,
      0.1375,
      0.07,
      0
    ],
    "SoftwareVersions": "syngo_MR_D13",
    "SpacingBetweenSlices": 3.3,
    "StationName": "FBMTMR1",
    "TaskName": "read",
    "TotalReadoutTime": 0.0409508,
    "TxRefAmp": 328.632,
    "dataset": "ds003126",
    "dcmmeta_affine": [
      [
        -2.993523597717285,
        0.19358250498771667,
        -0.04030996188521385,
        89.95134735107422
      ],
      [
        0.19701924920082092,
        2.9392879009246826,
        -0.6239726543426514,
        -111.97669219970703
      ],
      [
        0.0006992749986238778,
        0.5684298872947693,
        3.2402212619781494,
        -17.386327743530273
      ],
      [
        0.0,
        0.0,
        0.0,
        1.0
      ]
    ],
    "dcmmeta_reorient_transform": [
      [
        0.0,
        -1.0,
        0.0,
        63.0
      ],
      [
        1.0,
        0.0,
        0.0,
        0.0
      ],
      [
        0.0,
        0.0,
        1.0,
        0.0
      ],
      [
        0.0,
        0.0,
        0.0,
        1.0
      ]
    ],
    "dcmmeta_shape": [
      64,
      64,
      34,
      127
    ],
    "dcmmeta_slice_dim": 2,
    "dcmmeta_version": 0.6,
    "global": {
      "const": {
        "AcquisitionMatrix": [
          64,
          0,
          0,
          64
        ],
        "AngioFlag": "N",
        "BitsAllocated": 16,
        "BitsStored": 12,
        "BodyPartExamined": "HEAD",
        "Columns": 384,
        "EchoNumbers": 1,
        "EchoTime": 33.0,
        "EchoTrainLength": 64,
        "FlipAngle": 90.0,
        "HighBit": 11,
        "ImageOrientationPatient": [
          0.99784116565758,
          -0.0656730826702,
          0.00023309167143,
          0.06452750179534,
          0.97976262982498,
          -0.1894766231241
        ],
        "ImagePositionPatient": [
          -612.08400705529,
          -511.96142953348,
          109.26164974446
        ],
        "ImageType": [
          "ORIGINAL",
          "PRIMARY",
          "M",
          "ND",
          "NORM",
          "MOSAIC"
        ],
        "ImagedNucleus": "1H",
        "ImagingFrequency": 123.214451,
        "InPlanePhaseEncodingDirection": "COL",
        "MRAcquisitionType": "2D",
        "MagneticFieldStrength": 3.0,
        "Manufacturer": "SIEMENS",
        "ManufacturerModelName": "Skyra",
        "Modality": "MR",
        "NumberOfAverages": 1.0,
        "NumberOfPhaseEncodingSteps": 64,
        "PercentPhaseFieldOfView": 100.0,
        "PercentSampling": 100.0,
        "PerformedProcedureStepStartTime": "122547.016000",
        "PhotometricInterpretation": "MONOCHROME2",
        "PixelBandwidth": 1700.0,
        "PixelRepresentation": 0,
        "PixelSpacing": [
          3.0,
          3.0
        ],
        "ProtocolName": "fMRI_3",
        "RepetitionTime": 2340.0,
        "Rows": 384,
        "SAR": 0.19746506980646,
        "SamplesPerPixel": 1,
        "ScanOptions": "FS",
        "ScanningSequence": "EP",
        "SequenceName": "*epfid2d1_64",
        "SequenceVariant": "SK",
        "SeriesDescription": "fMRI_3",
        "SeriesNumber": 8,
        "SeriesTime": "124703.260000",
        "SliceLocation": 3.0026997928435,
        "SliceThickness": 3.0,
        "SmallestImagePixelValue": 0,
        "SoftwareVersions": "syngo MR D13",
        "SpacingBetweenSlices": 3.3000000922586,
        "SpecificCharacterSet": "ISO_IR 100",
        "StudyID": "1",
        "StudyTime": "122546.952000",
        "TransmitCoilName": "Body",
        "VariableFlipAngleFlag": "N",
        "WindowCenterWidthExplanation": "Algo1",
        "dBdt": 0.0
      },
