{
  "aor": 0.010278888888888884,
  "aqi": 0.023393231428571432,
  "bids_meta": {
    "AcquisitionMatrixPE": 64,
    "AcquisitionNumber": 1,
    "AcquisitionTime": "15:52:55.210000",
    "BandwidthPerPixelPhaseEncode": 24.038,
    "BaseResolution": 64,
    "BodyPartExamined": "HEAD",
    "ConsistencyInfo": "N4_VD13A_LATEST_20120616",
    "ConversionSoftware": "dcm2niix",
    "ConversionSoftwareVersion": "v1.0.20181125  GCC6.3.0",
    "DerivedVendorReportedEchoSpacing": 0.000650012,
    "DeviceSerialNumber": "45250",
    "DwellTime": 4.6e-06,
    "EchoTime": 0.033,
    "EchoTrainLength": 64,
    "EffectiveEchoSpacing": 0.000650012,
    "FlipAngle": 90,
    "ImageOrientationPatientDICOM": [
      0.999919,
      0.000476144,
      -0.0126951,
      -0.00349036,
      0.971138,
      -0.238492
    ],
    "ImageType": [
      "ORIGINAL",
      "PRIMARY",
      "M",
      "ND",
      "NORM",
      "MOSAIC"
    ],
    "ImagingFrequency": 123.213,
    "InPlanePhaseEncodingDirectionDICOM": "COL",
    "InstitutionAddress": "Kopernikusstr._26_Graz_Graz_AT_8010",
    "InstitutionName": "KFU",
    "InstitutionalDepartmentName": "Department",
    "MRAcquisitionType": "2D",
    "MagneticFieldStrength": 3,
    "Manufacturer": "Siemens",
    "ManufacturersModelName": "Skyra",
    "Modality": "MR",
    "PartialFourier": 1,
    "PatientPosition": "HFS",
    "PercentPhaseFOV": 100,
    "PhaseEncodingDirection": "j-",
    "PhaseEncodingSteps": 64,
    "PhaseResolution": 1,
    "PixelBandwidth": 1700,
    "ProcedureStepDescription": "KFU_Entw-Psy",
    "ProtocolName": "fMRI_1",
    "PulseSequenceDetails": "%SiemensSeq%_ep2d_pace",
    "ReceiveCoilActiveElements": "HE1-4",
    "ReceiveCoilName": "HeadNeck_20",
    "ReconMatrixPE": 64,
    "RepetitionTime": 2.34,
    "SAR": 0.19438,
    "ScanOptions": "FS",
    "ScanningSequence": "EP",
    "SequenceName": "_epfid2d1_64",
    "SequenceVariant": "SK",
    "SeriesDescription": "fMRI_1",
    "SeriesNumber": 5,
    "ShimSetting": [
      -1555,
      -3639,
      -4390,
      401,
      482,
      198,
      244,
      -276
    ],
    "SliceThickness": 3,
    "SliceTiming": [
      2.2525,
      2.185,
      2.115,
      2.0475,
      1.98,
      1.9125,
      1.8425,
      1.775,
      1.7075,
      1.6375,
      1.57,
      1.5025,
      1.435,
      1.365,
      1.2975,
      1.23,
      1.16,
      1.0925,
      1.025,
      0.955,
      0.8875,
      0.82,
      0.7525,
      0.6825,
      0.615,
      0.5475,
      0.4775,
      0.41,
      0.3425,
      0.275,
      0.205,
      0.1375,
      0.07,
      0
    ],
    "SoftwareVersions": "syngo_MR_D13",
    "SpacingBetweenSlices": 3.3,
    "StationName": "FBMTMR1",
    "TaskName": "read",
    "TotalReadoutTime": 0.0409508,
    "TxRefAmp": 368.46,
    "dataset": "ds003126",
    "dcmmeta_affine": [
      [
        -2.999758005142212,
        -0.01047109067440033,
        -0.04030998796224594,
        97.17432403564453
      ],
      [
        -0.001428432879038155,
        2.913414716720581,
        -0.787105917930603,
        -101.7462158203125
      ],
      [
        -0.038085322827100754,
        0.7154756188392639,
        3.204503059387207,
        -31.374759674072266
      ],
      [
        0.0,
        0.0,
        0.0,
        1.0
      ]
    ],
    "dcmmeta_reorient_transform": [
      [
        0.0,
        -1.0,
        0.0,
        63.0
      ],
      [
        1.0,
        0.0,
        0.0,
        0.0
      ],
      [
        0.0,
        0.0,
        1.0,
        0.0
      ],
      [
        0.0,
        0.0,
        0.0,
        1.0
      ]
    ],
    "dcmmeta_shape": [
      64,
      64,
      34,
      126
    ],
    "dcmmeta_slice_dim": 2,
    "dcmmeta_version": 0.6,
    "global": {
      "const": {
        "AcquisitionMatrix": [
          64,
          0,
          0,
          64
        ],
        "AngioFlag": "N",
        "BitsAllocated": 16,
        "BitsStored": 12,
        "BodyPartExamined": "HEAD",
        "Columns": 384,
        "EchoNumbers": 1,
        "EchoTime": 33.0,
        "EchoTrainLength": 64,
        "FlipAngle": 90.0,
        "HighBit": 11,
        "ImageOrientationPatient": [
          0.99991930050908,
          0.00047614431069,
          -0.012695107563,
          -0.0034903635593,
          0.97113822138596,
          -0.2384918705649
        ],
        "ImagePositionPatient": [
          -574.80053616891,
          -548.17380042252,
          134.26995352152
        ],
        "ImageType": [
          "ORIGINAL",
          "PRIMARY",
          "M",
          "ND",
          "NORM",
          "MOSAIC"
        ],
        "ImagedNucleus": "1H",
        "ImagingFrequency": 123.212703,
        "InPlanePhaseEncodingDirection": "COL",
        "MRAcquisitionType": "2D",
        "MagneticFieldStrength": 3.0,
        "Manufacturer": "SIEMENS",
        "ManufacturerModelName": "Skyra",
        "Modality": "MR",
        "NumberOfAverages": 1.0,
        "NumberOfPhaseEncodingSteps": 64,
        "PercentPhaseFieldOfView": 100.0,
        "PercentSampling": 100.0,
        "PerformedProcedureStepStartTime": "153446.772000",
        "PhotometricInterpretation": "MONOCHROME2",
        "PixelBandwidth": 1700.0,
        "PixelRepresentation": 0,
        "PixelSpacing": [
          3.0,
          3.0
        ],
        "ProtocolName": "fMRI_1",
        "RepetitionTime": 2340.0,
        "Rows": 384,
        "SAR": 0.19437972722724,
        "SamplesPerPixel": 1,
        "ScanOptions": "FS",
        "ScanningSequence": "EP",
        "SequenceName": "*epfid2d1_64",
        "SequenceVariant": "SK",
        "SeriesDescription": "fMRI_1",
        "SeriesNumber": 5,
        "SeriesTime": "155345.668000",
        "SliceLocation": -7.3856238861785,
        "SliceThickness": 3.0,
        "SmallestImagePixelValue": 0,
        "SoftwareVersions": "syngo MR D13",
        "SpacingBetweenSlices": 3.3000000140187,
        "SpecificCharacterSet": "ISO_IR 100",
        "StudyID": "1",
        "StudyTime": "153446.674000",
        "TransmitCoilName": "Body",
        "VariableFlipAngleFlag": "N",
        "WindowCenterWidthExplanation": "Algo1",
        "dBdt": 0.0
      },
